GEM
  remote: https://rubygems.org/
  specs:
    activesupport (6.0.0)
      concurrent-ruby (~> 1.0, >= 1.0.2)
      i18n (>= 0.7, < 2)
      minitest (~> 5.1)
      tzinfo (~> 1.1)
      zeitwerk (~> 2.1, >= 2.1.8)
    concurrent-ruby (1.1.5)
    gemoji (3.0.1)
    i18n (1.7.0)
      concurrent-ruby (~> 1.0)
    mini_magick (4.9.5)
    minitest (5.12.2)
    thread_safe (0.3.6)
    tzinfo (1.2.5)
      thread_safe (~> 0.1)
    unicode-emoji (2.1.0)
    zeitwerk (2.1.10)

PLATFORMS
  ruby

DEPENDENCIES
  activesupport
  gemoji
  mini_magick
  unicode-emoji

BUNDLED WITH
   2.0.2
