GEM
  remote: https://rubygems.org/
  specs:
    activesupport (7.0.4)
      concurrent-ruby (~> 1.0, >= 1.0.2)
      i18n (>= 1.6, < 2)
      minitest (>= 5.1)
      tzinfo (~> 2.0)
    concurrent-ruby (1.1.10)
    gemoji (3.0.1)
    i18n (1.12.0)
      concurrent-ruby (~> 1.0)
    mini_magick (4.11.0)
    minitest (5.16.3)
    tzinfo (2.0.5)
      concurrent-ruby (~> 1.0)
    unicode-emoji (3.3.1)
      unicode-version (~> 1.0)
    unicode-version (1.2.0)

PLATFORMS
  ruby

DEPENDENCIES
  activesupport
  gemoji
  mini_magick
  unicode-emoji

BUNDLED WITH
   2.3.24
