GEM
  remote: https://rubygems.org/
  specs:
    activesupport (6.1.3.2)
      concurrent-ruby (~> 1.0, >= 1.0.2)
      i18n (>= 1.6, < 2)
      minitest (>= 5.1)
      tzinfo (~> 2.0)
      zeitwerk (~> 2.3)
    concurrent-ruby (1.1.9)
    gemoji (3.0.1)
    i18n (1.8.10)
      concurrent-ruby (~> 1.0)
    mini_magick (4.11.0)
    minitest (5.14.4)
    tzinfo (2.0.4)
      concurrent-ruby (~> 1.0)
    unicode-emoji (2.8.0)
      unicode-version (~> 1.0)
    unicode-version (1.1.0)
    zeitwerk (2.4.2)

PLATFORMS
  ruby

DEPENDENCIES
  activesupport
  gemoji
  mini_magick
  unicode-emoji

BUNDLED WITH
   2.2.19
