GEM
  remote: https://rubygems.org/
  specs:
    activesupport (5.2.2)
      concurrent-ruby (~> 1.0, >= 1.0.2)
      i18n (>= 0.7, < 2)
      minitest (~> 5.1)
      tzinfo (~> 1.1)
    concurrent-ruby (1.1.4)
    gemoji (3.0.0)
    i18n (1.5.3)
      concurrent-ruby (~> 1.0)
    mini_magick (4.9.2)
    minitest (5.11.3)
    thread_safe (0.3.6)
    tzinfo (1.2.5)
      thread_safe (~> 0.1)
    unicode-emoji (2.0.0)

PLATFORMS
  ruby

DEPENDENCIES
  activesupport
  gemoji
  mini_magick
  unicode-emoji

BUNDLED WITH
   2.0.1
